{
    "Modality": "MR",
    "MagneticFieldStrength": 3,
    "ImagingFrequency": 127.764,
    "Manufacturer": "",
    "ManufacturersModelName": "",
    "InstitutionName": "",
    "InstitutionalDepartmentName": "IRM",
    "DeviceSerialNumber": "",
    "StationName": "",
    "BodyPartExamined": "BRAIN",
    "PatientPosition": "HFS",
    "SoftwareVersions": "",
    "MRAcquisitionType": "2D",
    "SeriesDescription": "DWI",
    "ProtocolName": "WIP_DWI",
    "ScanningSequence": "SE",
    "SequenceVariant": "SK",
    "ScanOptions": "FS",
    "ImageType": [
        "ORIGINAL",
        "PRIMARY",
        "M",
        "SE",
        "M",
        "SE"
    ],
    "SeriesNumber": 301,
    "AcquisitionTime": "09:43:29.010000",
    "AcquisitionNumber": 3,
    "PhilipsRescaleSlope": 247.476,
    "PhilipsRescaleIntercept": 0,
    "PhilipsScaleSlope": 0.00568623,
    "UsePhilipsFloatNotDisplayScaling": 1,
    "SliceThickness": 2,
    "SpacingBetweenSlices": 2,
    "SAR": 0.0808868,
    "EchoTime": 0.092,
    "RepetitionTime": 4.8,
    "FlipAngle": 90,
    "CoilString": "MULTI_COIL",
    "PercentPhaseFOV": 100,
    "PercentSampling": 100,
    "EchoTrainLength": 59,
    "PartialFourierEnabled": "YES",
    "PhaseEncodingStepsNoPartialFourier": 112,
    "AcquisitionMatrixPE": 112,
    "ReconMatrixPE": 112,
    "ParallelReductionFactorInPlane": 1.9,
    "WaterFatShift": 25.8154,
    "EstimatedEffectiveEchoSpacing": 0.000526466,
    "EstimatedTotalReadoutTime": 0.0584378,
    "PixelBandwidth": 1888,
    "PhaseEncodingAxis": "j",
    "ImageOrientationPatientDICOM": [
        0.9951,
        0.0988534,
        0.00221309,
        -0.0982082,
        0.990711,
        -0.0940627
    ],
    "InPlanePhaseEncodingDirectionDICOM": "COL",
    "ConversionSoftware": "dcm2niix",
    "ConversionSoftwareVersion": "v1.0.20200331",
    "Dcm2bidsVersion": "2.1.4",
    "PhaseEncodingDirection": "j-"
}
