{
    "Modality": "MR",
    "MagneticFieldStrength": 3,
    "ImagingFrequency": 127.764,
    "Manufacturer": "",
    "ManufacturersModelName": "",
    "InstitutionName": "",
    "InstitutionalDepartmentName": "IRM",
    "DeviceSerialNumber": "",
    "StationName": "",
    "BodyPartExamined": "BRAIN",
    "PatientPosition": "HFS",
    "SoftwareVersions": "",
    "MRAcquisitionType": "3D",
    "SeriesDescription": "3D_T1",
    "ProtocolName": "WIP_3D_T1",
    "ScanningSequence": "GR",
    "SequenceVariant": "MP",
    "ScanOptions": "OTHER",
    "ImageType": [
        "ORIGINAL",
        "PRIMARY",
        "M",
        "FFE",
        "M",
        "FFE"
    ],
    "SeriesNumber": 201,
    "AcquisitionTime": "09:37:43.150000",
    "AcquisitionNumber": 2,
    "PhilipsRescaleSlope": 3.24274,
    "PhilipsRescaleIntercept": 0,
    "PhilipsScaleSlope": 0.00486806,
    "UsePhilipsFloatNotDisplayScaling": 1,
    "SliceThickness": 1,
    "SpacingBetweenSlices": 1,
    "SAR": 0.0275303,
    "EchoTime": 0.0035,
    "RepetitionTime": 0.0079,
    "FlipAngle": 8,
    "CoilString": "MULTI_COIL",
    "PercentPhaseFOV": 100,
    "PercentSampling": 100,
    "EchoTrainLength": 174,
    "PhaseEncodingSteps": 224,
    "AcquisitionMatrixPE": 224,
    "ReconMatrixPE": 224,
    "ParallelReductionFactorInPlane": 2,
    "WaterFatShift": 1.80601,
    "EstimatedEffectiveEchoSpacing": 1.8537e-05,
    "EstimatedTotalReadoutTime": 0.00413374,
    "PixelBandwidth": 241,
    "PhaseEncodingAxis": "i",
    "ImageOrientationPatientDICOM": [
        0.9951,
        0.0988534,
        0.00221309,
        -0.0982082,
        0.990711,
        -0.0940627
    ],
    "InPlanePhaseEncodingDirectionDICOM": "ROW",
    "ConversionSoftware": "dcm2niix",
    "ConversionSoftwareVersion": "v1.0.20200331",
    "Dcm2bidsVersion": "2.1.4"
}
